GIT
  remote: https://github.com/qinmingyuan/acts_as_list.git
  revision: f9ac7f2926b468c27c13bb5ac493bcd577becb2d
  specs:
    acts_as_list (1.0.1)
      activerecord (>= 4.2)

GIT
  remote: https://github.com/qinmingyuan/default_form.git
  revision: 10744237a6fc7f1a94ab07b2bfd2c38dc3a74f1c
  specs:
    default_form (1.5.1)
      rails_com (~> 1.2)

GIT
  remote: https://github.com/qinmingyuan/default_where.git
  revision: cdd7f29202535f0d5179e875a9f588f8f945bb90
  specs:
    default_where (2.2.3)
      activerecord (>= 4.0, <= 6.1)

GIT
  remote: https://github.com/work-design/rails_audit.git
  revision: e1200d124ff154793c315cba3aa83e9c8e05f8e0
  specs:
    rails_audit (1.0.3)
      rails_com (~> 1.2)

GIT
  remote: https://github.com/work-design/rails_auth.git
  revision: 96cd3c20603e8107cde7063433ca45342934db72
  specs:
    rails_auth (1.0.6)
      bcrypt (~> 3.1)
      jwt (>= 2.0, <= 3.0)
      rails_com (~> 1.2)

GIT
  remote: https://github.com/work-design/rails_com.git
  revision: 65a5bc1df9a99dabb623d5d87c7bb6efb42f0ad9
  specs:
    rails_com (1.2.9)
      default_where (~> 2.2)
      http-form_data (~> 2.2)
      httpx (~> 0.8)
      rails (~> 6.0)

GIT
  remote: https://github.com/work-design/rails_notice.git
  revision: 18394dce4cc1c442f3facb722accd738d2ea2985
  specs:
    rails_notice (1.0.2)
      rails_auth
      rails_com (~> 1.2)

GIT
  remote: https://github.com/work-design/rails_profile.git
  revision: 0fa6f7d39efb731c7dd08700e1d57410fa7b241c
  specs:
    rails_profile (0.1.0)
      rails_com (~> 1.2)
      rails_taxon

GIT
  remote: https://github.com/work-design/rails_role.git
  revision: 8f265705ab1a08faec42586612bc0009c779b9f5
  specs:
    rails_role (1.0.3)
      rails_com (~> 1.2)

GIT
  remote: https://github.com/work-design/rails_taxon.git
  revision: 3ab48a264d1d9f6d3f55d682b312af105386fd0c
  specs:
    rails_taxon (1.0.0)
      acts_as_list (>= 1.0)
      closure_tree (>= 6.6, <= 7.1)
      rails_com (~> 1.2)

PATH
  remote: .
  specs:
    rails_org (0.1)
      rails_auth
      rails_com (~> 1.2)
      rails_profile
      rails_taxon

GEM
  remote: https://rubygems.org/
  specs:
    actioncable (6.0.3.2)
      actionpack (= 6.0.3.2)
      nio4r (~> 2.0)
      websocket-driver (>= 0.6.1)
    actionmailbox (6.0.3.2)
      actionpack (= 6.0.3.2)
      activejob (= 6.0.3.2)
      activerecord (= 6.0.3.2)
      activestorage (= 6.0.3.2)
      activesupport (= 6.0.3.2)
      mail (>= 2.7.1)
    actionmailer (6.0.3.2)
      actionpack (= 6.0.3.2)
      actionview (= 6.0.3.2)
      activejob (= 6.0.3.2)
      mail (~> 2.5, >= 2.5.4)
      rails-dom-testing (~> 2.0)
    actionpack (6.0.3.2)
      actionview (= 6.0.3.2)
      activesupport (= 6.0.3.2)
      rack (~> 2.0, >= 2.0.8)
      rack-test (>= 0.6.3)
      rails-dom-testing (~> 2.0)
      rails-html-sanitizer (~> 1.0, >= 1.2.0)
    actiontext (6.0.3.2)
      actionpack (= 6.0.3.2)
      activerecord (= 6.0.3.2)
      activestorage (= 6.0.3.2)
      activesupport (= 6.0.3.2)
      nokogiri (>= 1.8.5)
    actionview (6.0.3.2)
      activesupport (= 6.0.3.2)
      builder (~> 3.1)
      erubi (~> 1.4)
      rails-dom-testing (~> 2.0)
      rails-html-sanitizer (~> 1.1, >= 1.2.0)
    activejob (6.0.3.2)
      activesupport (= 6.0.3.2)
      globalid (>= 0.3.6)
    activemodel (6.0.3.2)
      activesupport (= 6.0.3.2)
    activerecord (6.0.3.2)
      activemodel (= 6.0.3.2)
      activesupport (= 6.0.3.2)
    activestorage (6.0.3.2)
      actionpack (= 6.0.3.2)
      activejob (= 6.0.3.2)
      activerecord (= 6.0.3.2)
      marcel (~> 0.3.1)
    activesupport (6.0.3.2)
      concurrent-ruby (~> 1.0, >= 1.0.2)
      i18n (>= 0.7, < 2)
      minitest (~> 5.1)
      tzinfo (~> 1.1)
      zeitwerk (~> 2.2, >= 2.2.2)
    awesome_print (1.8.0)
    bcrypt (3.1.13)
    binding_of_caller (0.8.0)
      debug_inspector (>= 0.0.1)
    builder (3.2.4)
    closure_tree (7.1.0)
      activerecord (>= 4.2.10)
      with_advisory_lock (>= 4.0.0)
    coderay (1.1.3)
    concurrent-ruby (1.1.6)
    crass (1.0.6)
    debug_inspector (0.0.3)
    erubi (1.9.0)
    factory_bot (6.0.2)
      activesupport (>= 5.0.0)
    factory_bot_rails (6.0.0)
      factory_bot (~> 6.0.0)
      railties (>= 5.0.0)
    ffi (1.13.1)
    globalid (0.4.2)
      activesupport (>= 4.2.0)
    http-2-next (0.2.6)
    http-form_data (2.3.0)
    httpx (0.8.2)
      http-2-next (>= 0.1.2)
      timers
    i18n (1.8.3)
      concurrent-ruby (~> 1.0)
    image_processing (1.11.0)
      mini_magick (>= 4.9.5, < 5)
      ruby-vips (>= 2.0.17, < 3)
    jbuilder (2.10.0)
      activesupport (>= 5.0.0)
    jwt (2.2.1)
    kaminari (1.2.1)
      activesupport (>= 4.1.0)
      kaminari-actionview (= 1.2.1)
      kaminari-activerecord (= 1.2.1)
      kaminari-core (= 1.2.1)
    kaminari-actionview (1.2.1)
      actionview
      kaminari-core (= 1.2.1)
    kaminari-activerecord (1.2.1)
      activerecord
      kaminari-core (= 1.2.1)
    kaminari-core (1.2.1)
    loofah (2.6.0)
      crass (~> 1.0.2)
      nokogiri (>= 1.5.9)
    mail (2.7.1)
      mini_mime (>= 0.1.1)
    marcel (0.3.3)
      mimemagic (~> 0.3.2)
    method_source (1.0.0)
    mimemagic (0.3.5)
    mini_magick (4.10.1)
    mini_mime (1.0.2)
    mini_portile2 (2.4.0)
    minitest (5.14.1)
    nio4r (2.5.2)
    nokogiri (1.10.9)
      mini_portile2 (~> 2.4.0)
    pry (0.13.1)
      coderay (~> 1.1)
      method_source (~> 1.0)
    pry-rails (0.3.9)
      pry (>= 0.10.4)
    pry-stack_explorer (0.5.1)
      binding_of_caller (~> 0.7)
      pry (~> 0.13)
    rack (2.2.3)
    rack-proxy (0.6.5)
      rack
    rack-test (1.1.0)
      rack (>= 1.0, < 3)
    rails (6.0.3.2)
      actioncable (= 6.0.3.2)
      actionmailbox (= 6.0.3.2)
      actionmailer (= 6.0.3.2)
      actionpack (= 6.0.3.2)
      actiontext (= 6.0.3.2)
      actionview (= 6.0.3.2)
      activejob (= 6.0.3.2)
      activemodel (= 6.0.3.2)
      activerecord (= 6.0.3.2)
      activestorage (= 6.0.3.2)
      activesupport (= 6.0.3.2)
      bundler (>= 1.3.0)
      railties (= 6.0.3.2)
      sprockets-rails (>= 2.0.0)
    rails-dom-testing (2.0.3)
      activesupport (>= 4.2.0)
      nokogiri (>= 1.6)
    rails-html-sanitizer (1.3.0)
      loofah (~> 2.3)
    railties (6.0.3.2)
      actionpack (= 6.0.3.2)
      activesupport (= 6.0.3.2)
      method_source
      rake (>= 0.8.7)
      thor (>= 0.20.3, < 2.0)
    rake (13.0.1)
    rdoc (6.2.1)
    ruby-vips (2.0.17)
      ffi (~> 1.9)
    sdoc (1.1.0)
      rdoc (>= 5.0)
    semantic_range (2.3.0)
    sprockets (4.0.2)
      concurrent-ruby (~> 1.0)
      rack (> 1, < 3)
    sprockets-rails (3.2.1)
      actionpack (>= 4.0)
      activesupport (>= 4.0)
      sprockets (>= 3.0.0)
    sqlite3 (1.4.2)
    thor (1.0.1)
    thread_safe (0.3.6)
    timers (4.3.0)
    turbolinks (5.2.1)
      turbolinks-source (~> 5.2)
    turbolinks-source (5.2.0)
    tzinfo (1.2.7)
      thread_safe (~> 0.1)
    webpacker (5.1.1)
      activesupport (>= 5.2)
      rack-proxy (>= 0.6.1)
      railties (>= 5.2)
      semantic_range (>= 2.3.0)
    websocket-driver (0.7.2)
      websocket-extensions (>= 0.1.0)
    websocket-extensions (0.1.5)
    with_advisory_lock (4.6.0)
      activerecord (>= 4.2)
    zeitwerk (2.3.0)

PLATFORMS
  ruby

DEPENDENCIES
  acts_as_list!
  awesome_print
  default_form!
  default_where!
  factory_bot_rails
  image_processing
  jbuilder
  kaminari
  pry-rails
  pry-stack_explorer
  rails
  rails_audit!
  rails_auth!
  rails_com!
  rails_notice!
  rails_org!
  rails_profile!
  rails_role!
  rails_taxon!
  sdoc
  sqlite3
  turbolinks
  webpacker

BUNDLED WITH
   2.1.4
